PATH
  remote: .
  specs:
    gattica (1.5.1)

GEM
  remote: http://rubygems.org/
  specs:
    json (1.8.2)
    power_assert (0.2.3)
    test-unit (3.0.9)
      power_assert

PLATFORMS
  ruby

DEPENDENCIES
  bundler
  gattica!
  json
  test-unit
